GEM
  remote: https://www.rubygems.org/
  specs:
    httparty (0.17.0)
      mime-types (~> 3.0)
      multi_xml (>= 0.5.2)
    mime-types (3.2.2)
      mime-types-data (~> 3.2015)
    mime-types-data (3.2019.0331)
    minitest (5.11.3)
    multi_xml (0.6.0)
    rake (12.3.2)

PLATFORMS
  ruby

DEPENDENCIES
  httparty
  minitest
  rake

BUNDLED WITH
   2.0.1
